PATH
  remote: .
  specs:
    willb-mazegen (0.1.0)
      prawn (>= 0.7.0)

GEM
  remote: https://rubygems.org/
  specs:
    diff-lcs (1.2.5)
    pdf-core (0.6.1)
    prawn (2.1.0)
      pdf-core (~> 0.6.1)
      ttfunk (~> 1.4.0)
    rspec (3.5.0)
      rspec-core (~> 3.5.0)
      rspec-expectations (~> 3.5.0)
      rspec-mocks (~> 3.5.0)
    rspec-core (3.5.3)
      rspec-support (~> 3.5.0)
    rspec-expectations (3.5.0)
      diff-lcs (>= 1.2.0, < 2.0)
      rspec-support (~> 3.5.0)
    rspec-mocks (3.5.0)
      diff-lcs (>= 1.2.0, < 2.0)
      rspec-support (~> 3.5.0)
    rspec-support (3.5.0)
    ttfunk (1.4.0)

PLATFORMS
  ruby

DEPENDENCIES
  rspec (>= 1.2.9)
  willb-mazegen!

BUNDLED WITH
   1.12.5
